GEM
  remote: https://rubygems.org/
  specs:
    anthropic (1.1.1)
      connection_pool
    byebug (12.0.0)
    connection_pool (2.5.3)
    dotenv (3.1.8)

PLATFORMS
  arm64-darwin-22
  ruby

DEPENDENCIES
  anthropic (~> 1.1.1)
  byebug (~> 12.0.0)
  dotenv (~> 3.1.8)

BUNDLED WITH
   2.5.7
